GEM
  remote: https://rubygems.org/
  specs:
    power_assert (0.4.1)
    rake (12.3.3)
    rr (1.2.0)
    test-unit (3.2.3)
      power_assert
    test-unit-rr (1.0.5)
      rr (>= 1.1.1)
      test-unit (>= 2.5.2)

PLATFORMS
  ruby

DEPENDENCIES
  rake
  test-unit
  test-unit-rr

BUNDLED WITH
   1.13.6
